GEM
  remote: https://rubygems.org/
  specs:
    coderay (1.1.3)
    rake (13.0.6)
    webrick (1.7.0)
    yard (0.9.28)
      webrick (~> 1.7.0)
    yard-coderay (0.1.0)
      coderay
      yard
    yard-mruby (0.3.0)
      yard (~> 0.9.0)

PLATFORMS
  ruby
  x86_64-darwin-21
  x86_64-linux

DEPENDENCIES
  rake
  yard
  yard-coderay
  yard-mruby

BUNDLED WITH
   2.4.10
